GEM
  remote: https://rubygems.org/
  specs:
    connection_pool (2.2.2)
    dotenv (2.7.4)
    encrypted_cookie (0.0.5)
      rack (>= 1.1, < 3)
    faraday (0.15.4)
      multipart-post (>= 1.2, < 3)
    json (2.3.0)
    multipart-post (2.1.1)
    mustermann (2.0.2)
      ruby2_keywords (~> 0.0.1)
    net-http-persistent (3.0.1)
      connection_pool (~> 2.2)
    rack (2.2.4)
    rack-protection (2.2.3)
      rack
    ruby2_keywords (0.0.5)
    sinatra (2.2.3)
      mustermann (~> 2.0)
      rack (~> 2.2)
      rack-protection (= 2.2.3)
      tilt (~> 2.0)
    stripe (4.21.2)
      faraday (~> 0.13)
      net-http-persistent (~> 3.0)
    tilt (2.0.11)

PLATFORMS
  ruby

DEPENDENCIES
  dotenv (= 2.7.4)
  encrypted_cookie (= 0.0.5)
  json (= 2.3.0)
  sinatra (= 2.2.3)
  stripe (= 4.21.2)

RUBY VERSION
   ruby 2.6.6p146

BUNDLED WITH
   1.17.3
